PATH
  remote: .
  specs:
    splunk-tracer (0.1.0)
      concurrent-ruby (~> 1.0)
      opentracing (~> 0.4.1)

GEM
  remote: https://rubygems.org/
  specs:
    bump (0.6.1)
    concurrent-ruby (1.1.5)
    diff-lcs (1.3)
    docile (1.3.1)
    json (2.3.1)
    opentracing (0.4.3)
    rack (2.0.5)
    rake (11.3.0)
    rspec (3.7.0)
      rspec-core (~> 3.7.0)
      rspec-expectations (~> 3.7.0)
      rspec-mocks (~> 3.7.0)
    rspec-core (3.7.1)
      rspec-support (~> 3.7.0)
    rspec-expectations (3.7.0)
      diff-lcs (>= 1.2.0, < 2.0)
      rspec-support (~> 3.7.0)
    rspec-mocks (3.7.0)
      diff-lcs (>= 1.2.0, < 2.0)
      rspec-support (~> 3.7.0)
    rspec-support (3.7.1)
    simplecov (0.16.1)
      docile (~> 1.1)
      json (>= 1.8, < 3)
      simplecov-html (~> 0.10.0)
    simplecov-html (0.10.2)
    timecop (0.8.1)

PLATFORMS
  ruby

DEPENDENCIES
  bump (~> 0.5)
  rack (~> 2.0)
  rake (~> 11.3)
  rspec (~> 3.0)
  simplecov (~> 0.16)
  splunk-tracer!
  timecop (~> 0.8.0)

BUNDLED WITH
   2.0.2
